PATH
  remote: .
  specs:
    stickshift-node (0.17.2)
      activemodel
      stickshift-common
      highline
      json
      parseconfig
      state_machine

GEM
  remote: http://rubygems.org/
  specs:
    activemodel (3.2.8)
      activesupport
      builder
      i18n
    activesupport (3.2.8)
    builder (3.0.0)
    stickshift-common (0.16.1)
      activemodel
      json
    diff-lcs (1.1.3)
    highline (1.6.15)
    i18n (0.6.0)
    json (1.7.3)
    mocha (0.12.1)
      rake
    parseconfig (0.5.2)
    rake (0.9.2.2)
    rspec (2.11.0)
    state_machine (1.1.2)

PLATFORMS
  ruby

DEPENDENCIES
  stickshift-node!
  mocha
  rake
  rspec
