PATH
  remote: .
  specs:
    stickshift-common (0.14.1)
      activemodel (= 3.2.8)
      json
      mongo

GEM
  remote: http://rubygems.org/
  specs:
    activemodel (3.2.8)
      activesupport
      builder
    activesupport (3.2.8)
      i18n
      multi_json
    bson (1.6.4)
    builder (3.0.0)
    i18n (0.6.0)
    json (1.7.4)
    mongo (1.6.4)
      bson
    multi_json (1.3.6)
    simplecov (0.6.4)
      multi_json
      simplecov-html
    simplecov-html (0.5.3)

PLATFORMS
  ruby

DEPENDENCIES
  simplecov
  stickshift-common!
